GEM
  remote: http://rubygems.org/
  specs:
    RedCloth (4.2.9)
    addressable (2.3.5)
    classifier (1.3.3)
      fast-stemmer (>= 1.0.0)
    colorator (0.1)
    commander (4.1.5)
      highline (~> 1.6.11)
    directory_watcher (1.4.1)
    faraday (0.8.8)
      multipart-post (~> 1.2.0)
    faraday_middleware (0.9.0)
      faraday (>= 0.7.4, < 0.9)
    fast-stemmer (1.0.2)
    github-pages (1)
      RedCloth (= 4.2.9)
      jekyll (= 1.1.2)
      kramdown (= 1.0.2)
      liquid (= 2.5.1)
      maruku (= 0.6.1)
      rdiscount (= 1.6.8)
      redcarpet (= 2.2.2)
    hashie (2.0.5)
    highline (1.6.19)
    jekyll (1.1.2)
      classifier (~> 1.3)
      colorator (~> 0.1)
      commander (~> 4.1.3)
      directory_watcher (~> 1.4.1)
      kramdown (~> 1.0.2)
      liquid (~> 2.5.1)
      maruku (~> 0.5)
      pygments.rb (~> 0.5.0)
      redcarpet (~> 2.2.2)
      safe_yaml (~> 0.7.0)
    kramdown (1.0.2)
    liquid (2.5.1)
    maruku (0.6.1)
      syntax (>= 1.0.0)
    multi_json (1.7.9)
    multipart-post (1.2.0)
    netrc (0.7.7)
    octokit (1.25.0)
      addressable (~> 2.2)
      faraday (~> 0.8)
      faraday_middleware (~> 0.9)
      hashie (~> 2.0)
      multi_json (~> 1.3)
      netrc (~> 0.7.7)
    posix-spawn (0.3.6)
    pygments.rb (0.5.2)
      posix-spawn (~> 0.3.6)
      yajl-ruby (~> 1.1.0)
    rdiscount (1.6.8)
    redcarpet (2.2.2)
    safe_yaml (0.7.1)
    syntax (1.0.0)
    yajl-ruby (1.1.0)

PLATFORMS
  ruby

DEPENDENCIES
  github-pages
  octokit
